GEM
  remote: http://rubygems.org/
  specs:
    clockwork (0.3.2)
    daemons (1.1.4)
    eventmachine (0.12.10)
    kindlegen (1.2.4)
    rack (1.3.5)
    thin (1.3.1)
      daemons (>= 1.0.9)
      eventmachine (>= 0.12.6)
      rack (>= 1.0.0)

PLATFORMS
  ruby

DEPENDENCIES
  clockwork
  kindlegen
  thin
