GEM
  remote: http://rubygems.org/
  specs:
    clockwork (0.3.4)
    daemons (1.1.6)
    eventmachine (0.12.10)
    kindlegen (2.3.1)
      systemu
    rack (1.4.1)
    systemu (2.4.2)
    thin (1.3.1)
      daemons (>= 1.0.9)
      eventmachine (>= 0.12.6)
      rack (>= 1.0.0)

PLATFORMS
  ruby

DEPENDENCIES
  clockwork
  kindlegen
  thin
